{
    "RepetitionTime": 1.06, 
    "MatrixCoilMode": "Auto", 
    "FlipAngle": 15, 
    "ProcedureStepDescription": "CBU_Neuroimaging", 
    "ConversionSoftwareVersion": "v1.0.20170130", 
    "SliceEncodingDirection": "k", 
    "EffectiveEchoSpacing": 0.000345002, 
    "CoilCombinationMethod": "Sum of squares", 
    "ManufacturersModelName": "TrioTim", 
    "ProtocolName": "3D_EPI_2mm_B940", 
    "TaskName": "main", 
    "InstitutionAddress": "15 Chaucer Road, Cambridge CB2 7EF, UK", 
    "ImageType": [
        "ORIGINAL", 
        "PRIMARY", 
        "M", 
        "ND", 
        "NORM", 
        "ECHO", 
        "00", 
        "MOSA"
    ], 
    "ReceiveCoilName": "32 Chn Head", 
    "EchoTime": 0.03, 
    "MagneticFieldStrength": 3, 
    "SliceTiming": [
        0, 
        0, 
        0, 
        0, 
        0, 
        0, 
        0, 
        0, 
        0, 
        0, 
        0, 
        0, 
        0, 
        0, 
        0, 
        0, 
        0, 
        0, 
        0, 
        0, 
        0, 
        0, 
        0, 
        0, 
        0, 
        0, 
        0, 
        0, 
        0, 
        0
    ], 
    "ParallelReductionFactorInPlane": 2, 
    "InstitutionName": "MRC Cognition and Brain Sciences Unit", 
    "PulseSequenceType": "3D Gradient Echo Planar Imaging", 
    "PhaseEncodingDirection": "j-", 
    "AcquisitionDateTime": "2012-09-12T12:36:9.984375", 
    "ParallelAcquisitionTechnique": "GRAPPA", 
    "NumberShots": 1, 
    "ConversionSoftware": "dcm2niix", 
    "HardcopyDeviceSoftwareVersion": "VB17", 
    "Manufacturer": "Siemens"
}