{
    "RepetitionTime": 2.53, 
    "MatrixCoilMode": "Auto", 
    "FlipAngle": 7, 
    "ProcedureStepDescription": "CBU_Neuroimaging", 
    "ConversionSoftwareVersion": "v1.0.20170130", 
    "SliceEncodingDirection": "j-", 
    "CoilCombinationMethod": "Adaptive Combine", 
    "ManufacturersModelName": "TrioTim", 
    "ProtocolName": "MEMPRAGE_4E_1mm", 
    "InstitutionAddress": "15 Chaucer Road, Cambridge CB2 7EF, UK", 
    "ImageType": [
        "ORIGINAL", 
        "PRIMARY", 
        "OTHER", 
        "ND", 
        "NORM", 
        "MEAN"
    ], 
    "ReceiveCoilName": "32 Chn Head", 
    "EchoTime": 0.00164, 
    "MagneticFieldStrength": 3, 
    "ParallelReductionFactorInPlane": 2, 
    "InstitutionName": "MRC Cognition and Brain Sciences Unit", 
    "PulseSequenceType": "Multi-echo MPRAGE", 
    "PhaseEncodingDirection": "i-", 
    "AcquisitionDateTime": "2012-11-28T94:13:8.960938", 
    "ParallelAcquisitionTechnique": "GRAPPA", 
    "ConversionSoftware": "dcm2niix", 
    "HardcopyDeviceSoftwareVersion": "VB17", 
    "Manufacturer": "Siemens"
}